GEM
  remote: https://rubygems.org/
  specs:
    addressable (2.8.1)
      public_suffix (>= 2.0.2, < 6.0)
    buftok (0.2.0)
    chatterbot (0.9.3)
      colorize (>= 0.7.3)
      launchy (>= 2.4.2)
      oauth (>= 0.4.7)
      twitter (= 5.8.0)
    colorize (0.8.1)
    equalizer (0.0.11)
    faraday (0.9.2)
      multipart-post (>= 1.2, < 3)
    hashie (5.0.0)
    http (0.5.1)
      http_parser.rb
    http_parser.rb (0.6.0)
    json (1.8.6)
    launchy (2.5.0)
      addressable (~> 2.7)
    memoizable (0.4.2)
      thread_safe (~> 0.3, >= 0.3.1)
    multipart-post (2.2.3)
    naught (1.1.0)
    oauth (1.1.0)
      oauth-tty (~> 1.0, >= 1.0.1)
      snaky_hash (~> 2.0)
      version_gem (~> 1.1)
    oauth-tty (1.0.5)
      version_gem (~> 1.1, >= 1.1.1)
    public_suffix (5.0.0)
    simple_oauth (0.2.0)
    snaky_hash (2.0.1)
      hashie
      version_gem (~> 1.1, >= 1.1.1)
    thread_safe (0.3.6)
    twitter (5.8.0)
      addressable (~> 2.3)
      buftok (~> 0.2.0)
      equalizer (~> 0.0.9)
      faraday (~> 0.9.0)
      http (~> 0.5.0)
      http_parser.rb (~> 0.6.0)
      json (~> 1.8)
      memoizable (~> 0.4.0)
      naught (~> 1.0)
      simple_oauth (~> 0.2.0)
    version_gem (1.1.1)

PLATFORMS
  arm64-darwin-21

DEPENDENCIES
  chatterbot (~> 0.9.0)

BUNDLED WITH
   2.3.7
